GEM
  remote: http://rubygems.org/
  specs:
    git-scribe (0.1.0)
      liquid
      nokogiri
    growl (1.0.3)
    guard (0.5.1)
      thor (~> 0.14.6)
    guard-git-scribe (0.0.2)
    liquid (2.2.2)
    nokogiri (1.5.0)
    rake (0.9.2)
    rb-fsevent (0.4.1)
    thor (0.14.6)

PLATFORMS
  ruby

DEPENDENCIES
  git-scribe
  growl
  guard
  guard-git-scribe
  rake
  rb-fsevent
