GEM
  remote: http://rubygems.org/
  specs:
    git-scribe (0.0.9)
      liquid
      nokogiri
    guard (0.5.1)
      thor (~> 0.14.6)
    liquid (2.2.2)
    nokogiri (1.5.0)
    thor (0.14.6)

PLATFORMS
  ruby

DEPENDENCIES
  git-scribe
  guard
